GEM
  remote: https://rubygems.org/
  specs:
    diff-lcs (1.5.0)
    json (2.3.0)
    rspec (3.11.0)
      rspec-core (~> 3.11.0)
      rspec-expectations (~> 3.11.0)
      rspec-mocks (~> 3.11.0)
    rspec-core (3.11.0)
      rspec-support (~> 3.11.0)
    rspec-expectations (3.11.0)
      diff-lcs (>= 1.2.0, < 2.0)
      rspec-support (~> 3.11.0)
    rspec-mocks (3.11.0)
      diff-lcs (>= 1.2.0, < 2.0)
      rspec-support (~> 3.11.0)
    rspec-support (3.11.0)
    slack-notifier (2.4.0)

PLATFORMS
  x86_64-darwin-20

DEPENDENCIES
  json
  rspec
  slack-notifier

BUNDLED WITH
   2.2.29
